BrainVision Data Exchange Header File Version 1.0
; Data created by the BrainVision Recorder

[Common Infos]
Codepage=UTF-8
DataFile=madhu.eeg
MarkerFile=madhu.vmrk
DataFormat=BINARY
; Data orientation: MULTIPLEXED=ch1,pt1, ch2,pt1 ...
DataOrientation=MULTIPLEXED
NumberOfChannels=19
; Sampling interval in microseconds
SamplingInterval=2000

[Binary Infos]
BinaryFormat=IEEE_FLOAT_32

[Channel Infos]
; Each entry: Ch<Channel number>=<Name>,<Reference channel name>,
; <Resolution in "Unit">,<Unit>, Future extensions..
; Fields are delimited by commas, some fields might be omitted (empty).
; Commas in channel names are coded as "\1".
Ch1=1,,0.0406901,µV
Ch2=2,,0.0406901,µV
Ch3=3,,0.0406901,µV
Ch4=4,,0.0406901,µV
Ch5=5,,0.0406901,µV
Ch6=6,,0.0406901,µV
Ch7=7,,0.0406901,µV
Ch8=8,,0.0406901,µV
Ch9=9,,0.0406901,µV
Ch10=10,,0.0406901,µV
Ch11=11,,0.0406901,µV
Ch12=12,,0.0406901,µV
Ch13=13,,0.0406901,µV
Ch14=14,,0.0406901,µV
Ch15=15,,0.0406901,µV
Ch16=16,,0.0406901,µV
Ch17=x_dir,,1,mg
Ch18=y_dir,,1,mg
Ch19=z_dir,,1,mg

[Comment]

BrainVision Recorder Professional   -   V. 1.23.0003


A m p l i f i e r  S e t u p
============================
Number of channels: 19
Sampling Rate [Hz]: 500
Sampling Interval [µS]: 2000

Channels
--------
#     Name      Phys. Chn.    Resolution / Unit   Low Cutoff [s]   High Cutoff [Hz]   Notch [Hz]    Gradient         Offset
1     1           1          0.0406901 µV             DC              131              Off
2     2           2          0.0406901 µV             DC              131              Off
3     3           3          0.0406901 µV             DC              131              Off
4     4           4          0.0406901 µV             DC              131              Off
5     5           5          0.0406901 µV             DC              131              Off
6     6           6          0.0406901 µV             DC              131              Off
7     7           7          0.0406901 µV             DC              131              Off
8     8           8          0.0406901 µV             DC              131              Off
9     9           9          0.0406901 µV             DC              131              Off
10    10          10         0.0406901 µV             DC              131              Off
11    11          11         0.0406901 µV             DC              131              Off
12    12          12         0.0406901 µV             DC              131              Off
13    13          13         0.0406901 µV             DC              131              Off
14    14          14         0.0406901 µV             DC              131              Off
15    15          15         0.0406901 µV             DC              131              Off
16    16          16         0.0406901 µV             DC              131              Off
17    x_dir       33                 1 mg             DC               50              Off
18    y_dir       34                 1 mg             DC               50              Off
19    z_dir       35                 1 mg             DC               50              Off


LiveAmp SN:                	100005-0700
LiveAmp hardware revision: 	5
Firmware version:          	4.76

Library version:           	1.18.10.15

Use Active/Dry Electrodes: No

S o f t w a r e  F i l t e r s
==============================
Disabled


Data/Gnd/Ref Electrodes Selected Impedance Measurement Range: 0 - 500 kOhm
Impedance [kOhm] at 12:42:26 :
1:            5
2:            2
3:           39
4:           39
5:          215
6:          216
7:           48
8:           20
9:          174
10:          94
11:          30
12:          63
13:         127
14:         181
15:          14
16:          12
Gnd:        104
Ref:        110
